PATH
  remote: .
  specs:
    passwordValidator (0.0.1)

GEM
  remote: https://rubygems.org/
  specs:

PLATFORMS
  x64-mingw32

DEPENDENCIES
  passwordValidator!

BUNDLED WITH
   1.17.2
